GEM
  remote: http://rubygems.org/
  specs:
    activesupport (3.2.3)
      i18n (~> 0.6)
      multi_json (~> 1.0)
    addressable (2.2.7)
    bitly (0.7.0)
      crack (>= 0.1.4)
      httparty (>= 0.7.6)
      oauth2 (~> 0.5.0)
    crack (0.3.1)
    faraday (0.7.6)
      addressable (~> 2.2)
      multipart-post (~> 1.1)
      rack (~> 1.1)
    httparty (0.8.1)
      multi_json
      multi_xml
    i18n (0.6.0)
    jumpstart_auth (0.2.0)
      launchy
      launchy
      oauth
      oauth
      twitter
      twitter
    launchy (2.1.0)
      addressable (~> 2.2.6)
    multi_json (1.2.0)
    multi_xml (0.4.2)
    multipart-post (1.1.5)
    oauth (0.4.5)
    oauth2 (0.5.2)
      faraday (~> 0.7)
      multi_json (~> 1.0)
    rack (1.4.1)
    simple_oauth (0.1.5)
    twitter (2.2.0)
      activesupport (>= 2.3.9, < 4)
      faraday (~> 0.7)
      multi_json (~> 1.0)
      simple_oauth (~> 0.1)

PLATFORMS
  ruby

DEPENDENCIES
  bitly
  jumpstart_auth (~> 0.2.0)
